GEM
  remote: https://rubygems.org/
  specs:
    minitest (5.24.1)

PLATFORMS
  arm64-darwin-22
  ruby

DEPENDENCIES
  minitest

RUBY VERSION
   ruby 3.3.0p0

BUNDLED WITH
   2.5.5
